GEM
  remote: https://rubygems.org/
  specs:
    ansi (1.5.0)
    builder (3.2.4)
    minitest (5.22.3)
    minitest-reporters (1.6.1)
      ansi
      builder
      minitest (>= 5.0)
      ruby-progressbar
    pg (1.5.6)
    ruby-progressbar (1.13.0)

PLATFORMS
  ruby
  x86_64-darwin-20

DEPENDENCIES
  minitest-reporters
  pg

BUNDLED WITH
   2.5.10
